GEM
  remote: https://gems.ruby-china.com/
  specs:
    airbrussh (1.5.3)
      sshkit (>= 1.6.1, != 1.7.0)
    base64 (0.2.0)
    capistrano (3.19.2)
      airbrussh (>= 1.0.0)
      i18n
      rake (>= 10.0.0)
      sshkit (>= 1.9.0)
    capistrano-yarn (2.0.2)
      capistrano (~> 3.0)
    concurrent-ruby (1.3.5)
    i18n (1.14.7)
      concurrent-ruby (~> 1.0)
    net-scp (4.1.0)
      net-ssh (>= 2.6.5, < 8.0.0)
    net-sftp (4.0.0)
      net-ssh (>= 5.0.0, < 8.0.0)
    net-ssh (7.3.0)
    ostruct (0.6.1)
    rake (13.2.1)
    sshkit (1.23.2)
      base64
      net-scp (>= 1.1.2)
      net-sftp (>= 2.1.2)
      net-ssh (>= 2.8.0)
      ostruct

PLATFORMS
  arm64-darwin-21
  arm64-darwin-22
  arm64-darwin-24
  x86_64-darwin-19

DEPENDENCIES
  capistrano
  capistrano-yarn

BUNDLED WITH
   2.6.3
